GEM
  remote: https://rubygems.org/
  specs:
    activesupport (7.0.3.1)
      concurrent-ruby (~> 1.0, >= 1.0.2)
      i18n (>= 1.6, < 2)
      minitest (>= 5.1)
      tzinfo (~> 2.0)
    builder (3.2.2)
    concurrent-ruby (1.1.10)
    dotenv (0.11.1)
      dotenv-deployment (~> 0.0.2)
    dotenv-deployment (0.0.2)
    faraday (0.9.0)
      multipart-post (>= 1.2, < 3)
    faraday_middleware (0.9.1)
      faraday (>= 0.7.4, < 0.10)
    foreman (0.74.0)
      dotenv (~> 0.11.1)
      thor (~> 0.19.1)
    fulcrum (0.2.0)
      activesupport
      faraday (~> 0.9.0)
      faraday_middleware
    i18n (1.12.0)
      concurrent-ruby (~> 1.0)
    jwt (1.0.0)
    minitest (5.16.2)
    multi_json (1.10.1)
    multipart-post (2.0.0)
    rack (1.5.2)
    rack-protection (1.5.3)
      rack
    rake (10.3.2)
    sinatra (1.4.5)
      rack (~> 1.4)
      rack-protection (~> 1.4)
      tilt (~> 1.3, >= 1.3.4)
    thor (0.19.1)
    tilt (1.4.1)
    twilio-ruby (3.12.2)
      builder (>= 2.1.2)
      jwt (~> 1.0.0)
      multi_json (>= 1.3.0)
    tzinfo (2.0.5)
      concurrent-ruby (~> 1.0)

PLATFORMS
  ruby

DEPENDENCIES
  foreman (~> 0.74.0)
  fulcrum (~> 0.2.0)
  rake (~> 10.3.2)
  sinatra (~> 1.4.5)
  twilio-ruby (~> 3.12)

RUBY VERSION
   ruby 2.7.0p0

BUNDLED WITH
   2.1.4
